PATH
  remote: .
  specs:
    ruby_legendas_tv (0.1.0)
      nokogiri (~> 1.8)

GEM
  remote: https://rubygems.org/
  specs:
    mini_portile2 (2.3.0)
    minitest (5.10.3)
    nokogiri (1.8.1)
      mini_portile2 (~> 2.3.0)
    rake (10.5.0)

PLATFORMS
  ruby

DEPENDENCIES
  bundler (~> 1.16)
  minitest (~> 5.0)
  rake (~> 10.0)
  ruby_legendas_tv!

BUNDLED WITH
   1.16.0
